GEM
  remote: http://rubygems.org/
  specs:
    rack (1.2.2)
    sinatra (1.2.6)
      rack (~> 1.1)
      tilt (>= 1.2.2, < 2.0)
    sqlite3 (1.3.3)
    sqlite3-ruby (1.3.3)
      sqlite3 (>= 1.3.3)
    tilt (1.3)

PLATFORMS
  ruby

DEPENDENCIES
  sinatra
  sqlite3-ruby
